GEM
  remote: https://rubygems.org/
  specs:
    coderay (1.1.3)
    colorize (0.8.1)
    method_source (1.0.0)
    pry (0.13.1)
      coderay (~> 1.1)
      method_source (~> 1.0)
    rainbow (3.0.0)

PLATFORMS
  ruby

DEPENDENCIES
  colorize
  pry
  rainbow

BUNDLED WITH
   2.1.4
